PATH
  remote: .
  specs:
    sahara (0.0.5)
      popen4 (~> 0.1.2)
      thor (~> 0.14.6)
      vagrant (~> 0.8.1)

GEM
  remote: http://rubygems.org/
  specs:
    Platform (0.4.0)
    archive-tar-minitar (0.5.2)
    erubis (2.7.0)
    ffi (1.0.9)
    i18n (0.5.0)
    json (1.5.3)
    net-scp (1.0.4)
      net-ssh (>= 1.99.1)
    net-ssh (2.1.4)
    open4 (1.1.0)
    popen4 (0.1.2)
      Platform (>= 0.4.0)
      open4 (>= 0.4.0)
    thor (0.14.6)
    vagrant (0.8.1)
      archive-tar-minitar (= 0.5.2)
      erubis (~> 2.7.0)
      i18n (~> 0.5.0)
      json (~> 1.5.1)
      net-scp (~> 1.0.4)
      net-ssh (~> 2.1.4)
      thor (~> 0.14.6)
      virtualbox (~> 0.9.0)
    virtualbox (0.9.0)
      ffi (~> 1.0.9)

PLATFORMS
  ruby

DEPENDENCIES
  sahara!
